GEM
  remote: http://rubygems.org/
  specs:
    abstract (1.0.0)
    actionmailer (3.0.9)
      actionpack (= 3.0.9)
      mail (~> 2.2.19)
    actionpack (3.0.9)
      activemodel (= 3.0.9)
      activesupport (= 3.0.9)
      builder (~> 2.1.2)
      erubis (~> 2.6.6)
      i18n (~> 0.5.0)
      rack (~> 1.2.1)
      rack-mount (~> 0.6.14)
      rack-test (~> 0.5.7)
      tzinfo (~> 0.3.23)
    activemodel (3.0.9)
      activesupport (= 3.0.9)
      builder (~> 2.1.2)
      i18n (~> 0.5.0)
    activerecord (3.0.9)
      activemodel (= 3.0.9)
      activesupport (= 3.0.9)
      arel (~> 2.0.10)
      tzinfo (~> 0.3.23)
    activeresource (3.0.9)
      activemodel (= 3.0.9)
      activesupport (= 3.0.9)
    activesupport (3.0.9)
    alias (0.2.2)
    annotate (2.4.0)
    arel (2.0.10)
    awesome_print (0.4.0)
    boson (0.3.4)
      alias (>= 0.2.2)
      hirb (>= 0.5.0)
    builder (2.1.2)
    capybara (1.0.0)
      mime-types (>= 1.16)
      nokogiri (>= 1.3.3)
      rack (>= 1.0.0)
      rack-test (>= 0.5.4)
      selenium-webdriver (~> 0.2.0)
      xpath (~> 0.1.4)
    childprocess (0.1.9)
      ffi (~> 1.0.6)
    clipboard (0.9.9)
    coderay (0.9.8)
    diff-lcs (1.1.2)
    erubis (2.6.6)
      abstract (>= 1.0.0)
    every_day_irb (1.0.6)
    factory_girl (2.0.4)
    factory_girl_rails (1.1.0)
      factory_girl (~> 2.0.0)
      railties (>= 3.0.0)
    fancy_irb (0.7.0)
      paint (>= 0.8.1)
      unicode-display_width (>= 0.1.1)
    ffi (1.0.9)
    forgery (0.3.6)
    g (1.4.0)
      ruby-growl (>= 1.0.1)
    guard (0.6.2)
      thor (~> 0.14.6)
    guard-rspec (0.4.2)
      guard (>= 0.4.0)
    haml (3.1.2)
    hirb (0.5.0)
    i18n (0.5.0)
    interactive_editor (0.0.8)
      spoon (>= 0.0.1)
    irbtools (1.0.6)
      awesome_print (~> 0.4.0)
      boson (>= 0.3.4)
      clipboard (>= 0.9.9)
      coderay (~> 0.9)
      every_day_irb (>= 1.0.6)
      fancy_irb (>= 0.7.0)
      g
      hirb (~> 0.5.0)
      interactive_editor (>= 0.0.8)
      methodfinder (>= 1.2.3)
      ori (~> 0.1.0)
      paint (>= 0.8.3)
      rvm_loader (>= 1.0.0)
      sketches
      wirb (>= 0.4.1)
      zucker (>= 11)
    json_pure (1.5.3)
    libnotify (0.5.7)
    mail (2.2.19)
      activesupport (>= 2.3.6)
      i18n (>= 0.4.0)
      mime-types (~> 1.16)
      treetop (~> 1.4.8)
    methodfinder (1.2.3)
    mime-types (1.16)
    nokogiri (1.5.0)
    ori (0.1.0)
    paint (0.8.3)
    polyglot (0.3.2)
    rack (1.2.3)
    rack-mount (0.6.14)
      rack (>= 1.0.0)
    rack-test (0.5.7)
      rack (>= 1.0)
    rails (3.0.9)
      actionmailer (= 3.0.9)
      actionpack (= 3.0.9)
      activerecord (= 3.0.9)
      activeresource (= 3.0.9)
      activesupport (= 3.0.9)
      bundler (~> 1.0)
      railties (= 3.0.9)
    railties (3.0.9)
      actionpack (= 3.0.9)
      activesupport (= 3.0.9)
      rake (>= 0.8.7)
      rdoc (~> 3.4)
      thor (~> 0.14.4)
    rake (0.9.2)
    rb-inotify (0.8.6)
      ffi (>= 0.5.0)
    rdoc (3.9.2)
    rspec (2.6.0)
      rspec-core (~> 2.6.0)
      rspec-expectations (~> 2.6.0)
      rspec-mocks (~> 2.6.0)
    rspec-core (2.6.4)
    rspec-expectations (2.6.0)
      diff-lcs (~> 1.1.2)
    rspec-mocks (2.6.0)
    rspec-rails (2.6.1)
      actionpack (~> 3.0)
      activesupport (~> 3.0)
      railties (~> 3.0)
      rspec (~> 2.6.0)
    ruby-growl (3.0)
    rubyzip (0.9.4)
    rvm_loader (1.0.0)
    selenium-webdriver (0.2.2)
      childprocess (>= 0.1.9)
      ffi (>= 1.0.7)
      json_pure
      rubyzip
    shoulda-matchers (1.0.0.beta3)
    sketches (0.1.1)
    spoon (0.0.1)
    sqlite3 (1.3.4)
    thor (0.14.6)
    timecop (0.3.5)
    treetop (1.4.10)
      polyglot
      polyglot (>= 0.3.1)
    tzinfo (0.3.29)
    unicode-display_width (0.1.1)
    wirb (0.4.1)
    xpath (0.1.4)
      nokogiri (~> 1.3)
    zucker (11)

PLATFORMS
  ruby

DEPENDENCIES
  annotate
  capybara
  factory_girl_rails
  forgery (= 0.3.6)
  guard-rspec
  haml
  irbtools
  libnotify
  rails (= 3.0.9)
  rb-inotify
  rspec-rails
  shoulda-matchers
  sqlite3
  timecop
